PATH
  remote: .
  specs:
    ruby-llvm (3.0.0.beta)
      ffi (>= 1.0.0)

GEM
  remote: http://rubygems.org/
  specs:
    ffi (1.0.11)
    rake (0.9.2)
    rcov (0.9.11)
    yard (0.7.4)

PLATFORMS
  ruby

DEPENDENCIES
  rake
  rcov
  ruby-llvm!
  yard
